PATH
  remote: .
  specs:
    parallizer (0.4.6)
      celluloid (>= 0.0.11)
      hanging_methods (>= 0.0.2)

GEM
  remote: http://rubygems.org/
  specs:
    always_execute (0.1.3)
    celluloid (0.12.4)
      facter (>= 1.6.12)
      timers (>= 1.0.0)
    diff-lcs (1.1.3)
    facter (1.6.17)
    hanging_methods (0.0.2)
    rake (10.1.0)
    rspec (2.9.0)
      rspec-core (~> 2.9.0)
      rspec-expectations (~> 2.9.0)
      rspec-mocks (~> 2.9.0)
    rspec-core (2.9.0)
    rspec-expectations (2.9.1)
      diff-lcs (~> 1.1.3)
    rspec-mocks (2.9.0)
    timers (1.1.0)

PLATFORMS
  ruby

DEPENDENCIES
  always_execute (~> 0.1.1)
  parallizer!
  rake
  rspec (~> 2.9.0)
